GEM
  remote: https://rubygems.org/
  specs:
    actionmailer (4.2.11.1)
      actionpack (= 4.2.11.1)
      actionview (= 4.2.11.1)
      activejob (= 4.2.11.1)
      mail (~> 2.5, >= 2.5.4)
      rails-dom-testing (~> 1.0, >= 1.0.5)
    actionpack (4.2.11.1)
      actionview (= 4.2.11.1)
      activesupport (= 4.2.11.1)
      rack (~> 1.6)
      rack-test (~> 0.6.2)
      rails-dom-testing (~> 1.0, >= 1.0.5)
      rails-html-sanitizer (~> 1.0, >= 1.0.2)
    actionview (4.2.11.1)
      activesupport (= 4.2.11.1)
      builder (~> 3.1)
      erubis (~> 2.7.0)
      rails-dom-testing (~> 1.0, >= 1.0.5)
      rails-html-sanitizer (~> 1.0, >= 1.0.3)
    active_admin_editor (1.1.0)
      activeadmin (>= 0.4.0)
      ejs
      rails (>= 3.0.0)
    activeadmin (1.4.3)
      arbre (>= 1.1.1)
      coffee-rails
      formtastic (~> 3.1)
      formtastic_i18n
      inherited_resources (>= 1.9.0)
      jquery-rails (>= 4.2.0)
      kaminari (>= 0.15)
      railties (>= 4.2, < 5.3)
      ransack (>= 1.8.7)
      sass (~> 3.1)
      sprockets (< 4.1)
    activejob (4.2.11.1)
      activesupport (= 4.2.11.1)
      globalid (>= 0.3.0)
    activemodel (4.2.11.1)
      activesupport (= 4.2.11.1)
      builder (~> 3.1)
    activerecord (4.2.11.1)
      activemodel (= 4.2.11.1)
      activesupport (= 4.2.11.1)
      arel (~> 6.0)
    activesupport (4.2.11.1)
      i18n (~> 0.7)
      minitest (~> 5.1)
      thread_safe (~> 0.3, >= 0.3.4)
      tzinfo (~> 1.1)
    activevalidators (5.1.0)
      activemodel (>= 3.0)
      countries (>= 1.2, < 4.0)
      credit_card_validations (~> 3.2)
      date_validator
      mail
      phony (~> 2.0)
      rake
    arbre (1.2.1)
      activesupport (>= 3.0.0)
    arel (6.0.4)
    builder (3.2.3)
    carrierwave (1.3.1)
      activemodel (>= 4.0.0)
      activesupport (>= 4.0.0)
      mime-types (>= 1.16)
    carrierwave-google_drive (0.0.2)
      carrierwave (>= 0.7.1)
      parallel588_google_drive (= 0.3.4)
    carrierwave-processing (0.0.2)
      carrierwave
    chunky_png (1.3.11)
    coderay (1.1.2)
    coffee-rails (4.2.2)
      coffee-script (>= 2.2.0)
      railties (>= 4.0.0)
    coffee-script (2.4.1)
      coffee-script-source
      execjs
    coffee-script-source (1.12.2)
    compass (1.0.3)
      chunky_png (~> 1.2)
      compass-core (~> 1.0.2)
      compass-import-once (~> 1.0.5)
      rb-fsevent (>= 0.9.3)
      rb-inotify (>= 0.9)
      sass (>= 3.3.13, < 3.5)
    compass-core (1.0.3)
      multi_json (~> 1.0)
      sass (>= 3.3.0, < 3.5)
    compass-import-once (1.0.5)
      sass (>= 3.2, < 3.5)
    compass-rails (2.0.1)
      compass (~> 1.0.0)
    concurrent-ruby (1.1.5)
    countries (3.0.0)
      i18n_data (~> 0.8.0)
      sixarm_ruby_unaccent (~> 1.1)
      unicode_utils (~> 1.4)
    crass (1.0.5)
    credit_card_validations (3.5.0)
      activemodel (>= 3, <= 6)
      activesupport (>= 3, <= 6)
    date_validator (0.9.0)
      activemodel
      activesupport
    diff-lcs (1.3)
    ejs (1.1.1)
    erubis (2.7.0)
    execjs (2.7.0)
    faraday (0.17.0)
      multipart-post (>= 1.2, < 3)
    ffi (1.11.1)
    formtastic (3.1.5)
      actionpack (>= 3.2.13)
    formtastic_i18n (0.6.0)
    globalid (0.4.2)
      activesupport (>= 4.2.0)
    gmaps4rails (2.1.2)
    haml (5.1.2)
      temple (>= 0.8.0)
      tilt
    has_scope (0.7.2)
      actionpack (>= 4.1)
      activesupport (>= 4.1)
    i18n (0.9.5)
      concurrent-ruby (~> 1.0)
    i18n_data (0.8.0)
    inherited_resources (1.9.0)
      actionpack (>= 4.2, < 5.3)
      has_scope (~> 0.6)
      railties (>= 4.2, < 5.3)
      responders
    jquery-rails (4.3.5)
      rails-dom-testing (>= 1, < 3)
      railties (>= 4.2.0)
      thor (>= 0.14, < 2.0)
    jwt (2.2.1)
    kaminari (1.1.1)
      activesupport (>= 4.1.0)
      kaminari-actionview (= 1.1.1)
      kaminari-activerecord (= 1.1.1)
      kaminari-core (= 1.1.1)
    kaminari-actionview (1.1.1)
      actionview
      kaminari-core (= 1.1.1)
    kaminari-activerecord (1.1.1)
      activerecord
      kaminari-core (= 1.1.1)
    kaminari-core (1.1.1)
    loofah (2.3.1)
      crass (~> 1.0.2)
      nokogiri (>= 1.5.9)
    mail (2.7.1)
      mini_mime (>= 0.1.1)
    method_source (0.9.2)
    mime-types (1.25.1)
    mini_mime (1.0.2)
    mini_portile2 (2.4.0)
    minitest (5.13.0)
    multi_json (1.14.1)
    multi_xml (0.6.0)
    multipart-post (2.1.1)
    newrelic_rpm (6.7.0.359)
    nokogiri (1.10.5)
      mini_portile2 (~> 2.4.0)
    oauth (0.5.4)
    oauth2 (1.4.2)
      faraday (>= 0.8, < 2.0)
      jwt (>= 1.0, < 3.0)
      multi_json (~> 1.3)
      multi_xml (~> 0.5)
      rack (>= 1.2, < 3)
    pag_seguro (0.5.6)
      activemodel
      activesupport
      haml (!= 3.1.5)
      nokogiri
      rest-client (~> 1.6.7)
    parallel588_google_drive (0.3.4)
      nokogiri (>= 1.4.4, != 1.5.2, != 1.5.1)
      oauth (>= 0.3.6)
      oauth2 (>= 0.5.0)
    pg (1.1.4)
    phony (2.18.8)
    power_assert (1.1.5)
    pry (0.12.2)
      coderay (~> 1.1.0)
      method_source (~> 0.9.0)
    rack (1.6.11)
    rack-test (0.6.3)
      rack (>= 1.0)
    rails (4.2.11.1)
      actionmailer (= 4.2.11.1)
      actionpack (= 4.2.11.1)
      actionview (= 4.2.11.1)
      activejob (= 4.2.11.1)
      activemodel (= 4.2.11.1)
      activerecord (= 4.2.11.1)
      activesupport (= 4.2.11.1)
      bundler (>= 1.3.0, < 2.0)
      railties (= 4.2.11.1)
      sprockets-rails
    rails-deprecated_sanitizer (1.0.3)
      activesupport (>= 4.2.0.alpha)
    rails-dom-testing (1.0.9)
      activesupport (>= 4.2.0, < 5.0)
      nokogiri (~> 1.6)
      rails-deprecated_sanitizer (>= 1.0.1)
    rails-html-sanitizer (1.3.0)
      loofah (~> 2.3)
    rails-translate-routes (0.1.3)
      activesupport (>= 3.1)
    railties (4.2.11.1)
      actionpack (= 4.2.11.1)
      activesupport (= 4.2.11.1)
      rake (>= 0.8.7)
      thor (>= 0.18.1, < 2.0)
    rake (13.0.0)
    ransack (1.8.10)
      actionpack (>= 3.0, < 5.2)
      activerecord (>= 3.0, < 5.2)
      activesupport (>= 3.0, < 5.2)
      i18n
    rb-fsevent (0.10.3)
    rb-inotify (0.10.0)
      ffi (~> 1.0)
    responders (2.4.1)
      actionpack (>= 4.2.0, < 6.0)
      railties (>= 4.2.0, < 6.0)
    rest-client (1.6.14)
      mime-types (~> 1.16)
    rmagick (2.15.4)
    rspec-collection_matchers (1.2.0)
      rspec-expectations (>= 2.99.0.beta1)
    rspec-core (2.99.2)
    rspec-expectations (2.99.2)
      diff-lcs (>= 1.1.3, < 2.0)
    rspec-mocks (2.99.4)
    rspec-rails (2.99.0)
      actionpack (>= 3.0)
      activemodel (>= 3.0)
      activesupport (>= 3.0)
      railties (>= 3.0)
      rspec-collection_matchers
      rspec-core (~> 2.99.0)
      rspec-expectations (~> 2.99.0)
      rspec-mocks (~> 2.99.0)
    sass (3.4.25)
    sass-rails (6.0.0)
      sassc-rails (~> 2.1, >= 2.1.1)
    sassc (2.2.1)
      ffi (~> 1.9)
    sassc-rails (2.1.2)
      railties (>= 4.0.0)
      sassc (>= 2.0)
      sprockets (> 3.0)
      sprockets-rails
      tilt
    shoulda-matchers (4.1.2)
      activesupport (>= 4.2.0)
    simple_form (4.0.0)
      actionpack (> 4)
      activemodel (> 4)
    sixarm_ruby_unaccent (1.2.0)
    slim (4.0.1)
      temple (>= 0.7.6, < 0.9)
      tilt (>= 2.0.6, < 2.1)
    slim-rails (3.2.0)
      actionpack (>= 3.1)
      railties (>= 3.1)
      slim (>= 3.0, < 5.0)
    sprockets (3.7.2)
      concurrent-ruby (~> 1.0)
      rack (> 1, < 3)
    sprockets-rails (3.2.1)
      actionpack (>= 4.0)
      activesupport (>= 4.0)
      sprockets (>= 3.0.0)
    sqlite3 (1.4.1)
    temple (0.8.2)
    test-unit (3.3.4)
      power_assert
    thor (0.20.3)
    thread_safe (0.3.6)
    tilt (2.0.10)
    tzinfo (1.2.5)
      thread_safe (~> 0.1)
    uglifier (4.2.0)
      execjs (>= 0.3.0, < 3)
    unicode_utils (1.4.0)
    values_for (0.1)
      activerecord
      activesupport

PLATFORMS
  ruby

DEPENDENCIES
  active_admin_editor
  activeadmin
  activevalidators
  carrierwave (= 1.3.1)
  carrierwave-google_drive
  carrierwave-processing (~> 0.0.2)
  coffee-rails (~> 4.2)
  compass
  compass-rails
  gmaps4rails
  jquery-rails
  newrelic_rpm
  nokogiri
  pag_seguro
  pg
  pry
  rails (= 4.2.11.1)
  rails-translate-routes
  rmagick (~> 2.15.4)
  rspec-rails (~> 2.0)
  sass-rails
  shoulda-matchers
  simple_form
  slim-rails
  sqlite3
  test-unit (~> 3.0)
  uglifier (>= 1.0.3)
  values_for

RUBY VERSION
   ruby 2.4.9p362

BUNDLED WITH
   1.17.3
